GEM
  remote: https://rubygems.org/
  specs:
    addressable (2.3.6)

PLATFORMS
  ruby

DEPENDENCIES
  addressable
